GEM
  remote: https://rubygems.org/
  specs:
    ruby2d (0.11.1)

PLATFORMS
  x86_64-darwin-19

DEPENDENCIES
  ruby2d (~> 0.11.0)

BUNDLED WITH
   2.2.25
